GEM
  remote: https://rubygems.org/
  specs:
    activesupport (6.1.3)
      concurrent-ruby (~> 1.0, >= 1.0.2)
      i18n (>= 1.6, < 2)
      minitest (>= 5.1)
      tzinfo (~> 2.0)
      zeitwerk (~> 2.3)
    awesome_print (1.9.2)
    coderay (1.1.3)
    concurrent-ruby (1.1.8)
    database_cleaner-core (2.0.1)
    database_cleaner-sequel (2.0.0)
      database_cleaner-core (~> 2.0.0)
      sequel
    diff-lcs (1.4.4)
    dotenv (2.7.6)
    dry-initializer (3.0.4)
    factory_bot (6.1.0)
      activesupport (>= 5.0.0)
    fast_jsonapi (1.5)
      activesupport (>= 4.2)
    i18n (1.8.9)
      concurrent-ruby (~> 1.0)
    method_source (1.0.0)
    minitest (5.14.4)
    multi_json (1.15.0)
    mustermann (1.1.1)
      ruby2_keywords (~> 0.0.1)
    pg (0.21.0)
    pry (0.14.0)
      coderay (~> 1.1)
      method_source (~> 1.0)
    rack (2.2.3)
    rack-protection (2.1.0)
      rack
    rack-test (1.1.0)
      rack (>= 1.0, < 3)
    rake (13.0.3)
    require_all (3.0.0)
    rspec (3.10.0)
      rspec-core (~> 3.10.0)
      rspec-expectations (~> 3.10.0)
      rspec-mocks (~> 3.10.0)
    rspec-core (3.10.1)
      rspec-support (~> 3.10.0)
    rspec-expectations (3.10.1)
      diff-lcs (>= 1.2.0, < 2.0)
      rspec-support (~> 3.10.0)
    rspec-mocks (3.10.2)
      diff-lcs (>= 1.2.0, < 2.0)
      rspec-support (~> 3.10.0)
    rspec-support (3.10.2)
    ruby2_keywords (0.0.4)
    sequel (5.42.0)
    sinatra (2.1.0)
      mustermann (~> 1.0)
      rack (~> 2.2)
      rack-protection (= 2.1.0)
      tilt (~> 2.0)
    sinatra-contrib (2.1.0)
      multi_json
      mustermann (~> 1.0)
      rack-protection (= 2.1.0)
      sinatra (= 2.1.0)
      tilt (~> 2.0)
    tilt (2.0.10)
    tzinfo (2.0.4)
      concurrent-ruby (~> 1.0)
    zeitwerk (2.4.2)

PLATFORMS
  x86_64-darwin-19

DEPENDENCIES
  activesupport (~> 6.1.3)
  awesome_print
  bundler (~> 2.2.12)
  database_cleaner-sequel
  dotenv (~> 2.7.6)
  dry-initializer (~> 3.0.3)
  factory_bot (~> 6.1.0)
  fast_jsonapi (~> 1.5)
  i18n (~> 1.8.9)
  pg (~> 0.21.0)
  pry
  rack-test (~> 1.1.0)
  rake (~> 13.0.3)
  require_all (~> 3.0.0)
  rspec (~> 3.10.0)
  sequel (~> 5.42.0)
  sinatra (~> 2.1.0)
  sinatra-contrib (~> 2.1.0)

BUNDLED WITH
   2.2.12
